GEM
  remote: http://rubygems.org/
  specs:
    addressable (2.7.0)
      public_suffix (>= 2.0.2, < 5.0)
    ansi (1.4.3)
    builder (3.1.4)
    charlock_holmes (0.6.9.4)
    descendants_tracker (0.0.4)
      thread_safe (~> 0.3, >= 0.3.1)
    diff_match_patch_native (1.0.2)
      rice (>= 1.4.2)
    faraday (0.17.1)
      multipart-post (>= 1.2, < 3)
    ffi (1.1.5)
    git (1.2.6)
    github_api (0.18.2)
      addressable (~> 2.4)
      descendants_tracker (~> 0.0.4)
      faraday (~> 0.8)
      hashie (~> 3.5, >= 3.5.2)
      oauth2 (~> 1.0)
    hashie (3.6.0)
    highline (1.6.20)
    jeweler (2.0.1)
      builder
      bundler (>= 1.0)
      git (>= 1.2.5)
      github_api
      highline (>= 1.6.15)
      nokogiri (>= 1.5.10)
      rake
      rdoc
    json (1.8.1)
    jwt (2.2.1)
    levenshtein-ffi (1.0.3)
      ffi
      ffi (~> 1.1.5)
    mini_portile2 (2.4.0)
    multi_json (1.14.1)
    multi_xml (0.6.0)
    multipart-post (2.1.1)
    nokogiri (1.10.7)
      mini_portile2 (~> 2.4.0)
    oauth2 (1.4.2)
      faraday (>= 0.8, < 2.0)
      jwt (>= 1.0, < 3.0)
      multi_json (~> 1.3)
      multi_xml (~> 0.5)
      rack (>= 1.2, < 3)
    public_suffix (4.0.1)
    rack (2.0.8)
    rake (10.1.1)
    rdoc (4.1.1)
      json (~> 1.4)
    rice (1.6.0)
    thread_safe (0.3.6)
    turn (0.9.6)
      ansi

PLATFORMS
  ruby

DEPENDENCIES
  builder
  charlock_holmes (~> 0.6)
  diff_match_patch_native (~> 1.0.2)
  jeweler
  levenshtein-ffi (~> 1.0.3)
  turn
