GEM
  remote: http://rubygems.org/
  specs:
    addressable (2.3.5)
    ansi (1.4.3)
    builder (3.1.4)
    charlock_holmes (0.7.7)
    descendants_tracker (0.0.3)
    diff_match_patch_native (1.0.2)
      rice (>= 1.4.2)
    faraday (0.9.0)
      multipart-post (>= 1.2, < 3)
    ffi (1.1.5)
    git (1.2.6)
    github_api (0.11.2)
      addressable (~> 2.3)
      descendants_tracker (~> 0.0.1)
      faraday (~> 0.8, < 0.10)
      hashie (>= 1.2)
      multi_json (>= 1.7.5, < 2.0)
      nokogiri (~> 1.6.0)
      oauth2
    hashie (2.0.5)
    highline (1.6.20)
    jeweler (2.0.1)
      builder
      bundler (>= 1.0)
      git (>= 1.2.5)
      github_api
      highline (>= 1.6.15)
      nokogiri (>= 1.5.10)
      rake
      rdoc
    jwt (0.1.11)
      multi_json (>= 1.5)
    levenshtein-ffi (1.0.3)
      ffi
      ffi (~> 1.1.5)
    mini_portile (0.5.2)
    multi_json (1.8.4)
    multi_xml (0.5.5)
    multipart-post (2.0.0)
    nokogiri (1.6.1)
      mini_portile (~> 0.5.0)
    oauth2 (0.9.3)
      faraday (>= 0.8, < 0.10)
      jwt (~> 0.1.8)
      multi_json (~> 1.3)
      multi_xml (~> 0.5)
      rack (~> 1.2)
    rack (1.5.2)
    rake (10.1.1)
    rdoc (6.3.2)
    rice (1.6.0)
    turn (0.9.6)
      ansi

PLATFORMS
  ruby

DEPENDENCIES
  builder
  charlock_holmes (< 0.8)
  diff_match_patch_native (~> 1.0.2)
  jeweler
  levenshtein-ffi (~> 1.0.3)
  turn
